PATH
  remote: .
  specs:
    ontologies_api_client (2.0.3)
      activesupport (>= 6.0.4, < 7.1.0)
      excon
      faraday
      lz4-ruby
      multi_json
      oj
      spawnling (= 2.1.5)

GEM
  remote: https://rubygems.org/
  specs:
    activesupport (7.0.4.1)
      concurrent-ruby (~> 1.0, >= 1.0.2)
      i18n (>= 1.6, < 2)
      minitest (>= 5.1)
      tzinfo (~> 2.0)
    coderay (1.1.3)
    concurrent-ruby (1.1.10)
    excon (0.88.0)
    faraday (1.8.0)
      faraday-em_http (~> 1.0)
      faraday-em_synchrony (~> 1.0)
      faraday-excon (~> 1.1)
      faraday-httpclient (~> 1.0.1)
      faraday-net_http (~> 1.0)
      faraday-net_http_persistent (~> 1.1)
      faraday-patron (~> 1.0)
      faraday-rack (~> 1.0)
      multipart-post (>= 1.2, < 3)
      ruby2_keywords (>= 0.0.4)
    faraday-em_http (1.0.0)
    faraday-em_synchrony (1.0.0)
    faraday-excon (1.1.0)
    faraday-httpclient (1.0.1)
    faraday-net_http (1.0.1)
    faraday-net_http_persistent (1.2.0)
    faraday-patron (1.0.0)
    faraday-rack (1.0.0)
    i18n (1.12.0)
      concurrent-ruby (~> 1.0)
    lz4-ruby (0.3.3)
    method_source (1.0.0)
    minitest (5.17.0)
    multi_json (1.15.0)
    multipart-post (2.1.1)
    oj (3.13.9)
    power_assert (2.0.1)
    pry (0.14.1)
      coderay (~> 1.1)
      method_source (~> 1.0)
    rake (13.0.6)
    ruby2_keywords (0.0.5)
    spawnling (2.1.5)
    test-unit (3.5.1)
      power_assert
    tzinfo (2.0.5)
      concurrent-ruby (~> 1.0)

PLATFORMS
  ruby
  x86_64-darwin-16
  x86_64-darwin-17

DEPENDENCIES
  ontologies_api_client!
  pry
  rake
  test-unit

BUNDLED WITH
   2.1.4
